PATH
  remote: .
  specs:
    aws_gateway (0.0.5)
      aws-sdk (~> 2)

GEM
  remote: https://rubygems.org/
  specs:
    aws-sdk (2.10.109)
      aws-sdk-resources (= 2.10.109)
    aws-sdk-core (2.10.109)
      aws-sigv4 (~> 1.0)
      jmespath (~> 1.0)
    aws-sdk-resources (2.10.109)
      aws-sdk-core (= 2.10.109)
    aws-sigv4 (1.0.2)
    byebug (9.1.0)
    coderay (1.1.2)
    diff-lcs (1.3)
    jmespath (1.3.1)
    method_source (0.9.0)
    pry (0.11.3)
      coderay (~> 1.1.0)
      method_source (~> 0.9.0)
    pry-byebug (3.5.1)
      byebug (~> 9.1)
      pry (~> 0.10)
    renogen (1.2.0)
    rspec (3.7.0)
      rspec-core (~> 3.7.0)
      rspec-expectations (~> 3.7.0)
      rspec-mocks (~> 3.7.0)
    rspec-core (3.7.0)
      rspec-support (~> 3.7.0)
    rspec-expectations (3.7.0)
      diff-lcs (>= 1.2.0, < 2.0)
      rspec-support (~> 3.7.0)
    rspec-mocks (3.7.0)
      diff-lcs (>= 1.2.0, < 2.0)
      rspec-support (~> 3.7.0)
    rspec-support (3.7.0)

PLATFORMS
  ruby

DEPENDENCIES
  aws_gateway!
  pry-byebug
  renogen (= 1.2.0)
  rspec

BUNDLED WITH
   1.16.0
